PATH
  remote: .
  specs:
    open_finance_brasil (0.1.0)
      net-http (~> 0.5.0)
      pry (~> 0.14.0)
      stringio (~> 3.1.2)

GEM
  remote: https://rubygems.org/
  specs:
    ast (2.4.2)
    coderay (1.1.3)
    json (2.8.2)
    language_server-protocol (3.17.0.3)
    method_source (1.0.0)
    minitest (5.25.1)
    net-http (0.5.0)
      uri
    parallel (1.26.3)
    parser (3.3.6.0)
      ast (~> 2.4.1)
      racc
    pry (0.14.2)
      coderay (~> 1.1)
      method_source (~> 1.0)
    racc (1.8.1)
    rainbow (3.1.1)
    rake (13.2.1)
    regexp_parser (2.9.2)
    rubocop (1.68.0)
      json (~> 2.3)
      language_server-protocol (>= 3.17.0)
      parallel (~> 1.10)
      parser (>= 3.3.0.2)
      rainbow (>= 2.2.2, < 4.0)
      regexp_parser (>= 2.4, < 3.0)
      rubocop-ast (>= 1.32.2, < 2.0)
      ruby-progressbar (~> 1.7)
      unicode-display_width (>= 2.4.0, < 3.0)
    rubocop-ast (1.36.1)
      parser (>= 3.3.1.0)
    ruby-progressbar (1.13.0)
    stringio (3.1.2)
    unicode-display_width (2.6.0)
    uri (1.0.2)

PLATFORMS
  x86_64-darwin-19

DEPENDENCIES
  minitest (~> 5.14)
  open_finance_brasil!
  pry (~> 0.14.0)
  rake (~> 13.0)
  rubocop (~> 1.7)
  stringio (= 3.1.2)

BUNDLED WITH
   2.2.22
